GEM
  remote: https://rubygems.org/
  specs:
    childprocess (3.0.0)
    date (2.0.0)
    ffi (1.12.2-x64-mingw32)
    json (2.1.0)
    mini_portile2 (2.4.0)
    nokogiri (1.10.9-x64-mingw32)
      mini_portile2 (~> 2.4.0)
    regexp_parser (1.7.0)
    rubyzip (2.3.0)
    selenium-webdriver (3.142.7)
      childprocess (>= 0.5, < 4.0)
      rubyzip (>= 1.2.2)
    watir (6.16.5)
      regexp_parser (~> 1.2)
      selenium-webdriver (~> 3.6)

PLATFORMS
  x64-mingw32

DEPENDENCIES
  date
  ffi
  json
  nokogiri
  watir

BUNDLED WITH
   1.17.2
