GEM
  remote: https://rubygems.org/
  specs:
    ast (2.4.0)
    childprocess (3.0.0)
    date (2.0.0)
    diff-lcs (1.3)
    ffi (1.12.2)
    ffi (1.12.2-x64-mingw32)
    json (2.1.0)
    mini_portile2 (2.8.0)
    nokogiri (1.13.5)
      mini_portile2 (~> 2.8.0)
      racc (~> 1.4)
    nokogiri (1.13.5-x64-mingw32)
      racc (~> 1.4)
    parallel (1.19.1)
    parser (2.7.1.3)
      ast (~> 2.4.0)
    racc (1.6.0)
    rainbow (3.0.0)
    regexp_parser (1.7.0)
    rexml (3.1.9)
    rspec (3.9.0)
      rspec-core (~> 3.9.0)
      rspec-expectations (~> 3.9.0)
      rspec-mocks (~> 3.9.0)
    rspec-core (3.9.2)
      rspec-support (~> 3.9.3)
    rspec-expectations (3.9.2)
      diff-lcs (>= 1.2.0, < 2.0)
      rspec-support (~> 3.9.0)
    rspec-mocks (3.9.1)
      diff-lcs (>= 1.2.0, < 2.0)
      rspec-support (~> 3.9.0)
    rspec-support (3.9.3)
    rubocop (0.85.0)
      parallel (~> 1.10)
      parser (>= 2.7.0.1)
      rainbow (>= 2.2.2, < 4.0)
      regexp_parser (>= 1.7)
      rexml
      rubocop-ast (>= 0.0.3)
      ruby-progressbar (~> 1.7)
      unicode-display_width (>= 1.4.0, < 2.0)
    rubocop-ast (0.0.3)
      parser (>= 2.7.0.1)
    ruby-progressbar (1.10.1)
    rubyzip (2.3.0)
    selenium-webdriver (3.142.7)
      childprocess (>= 0.5, < 4.0)
      rubyzip (>= 1.2.2)
    unicode-display_width (1.7.0)
    watir (6.16.5)
      regexp_parser (~> 1.2)
      selenium-webdriver (~> 3.6)
    watir-rspec (3.0.0)
      rspec (~> 3.0)
      watir (>= 6.0.0.beta4)

PLATFORMS
  ruby
  x64-mingw32

DEPENDENCIES
  date
  ffi
  json
  nokogiri
  rspec
  rubocop
  watir
  watir-rspec

BUNDLED WITH
   1.17.2
